GEM
  remote: https://rubygems.org/
  specs:
    rake (13.0.6)
    rb-fsevent (0.9.3)
    sass (3.2.12)

PLATFORMS
  ruby

DEPENDENCIES
  rake (>= 12.3.3)
  rb-fsevent
  sass (~> 3.2)

BUNDLED WITH
   2.1.4
